GEM
  remote: https://rubygems.org/
  specs:
    backports (3.6.4)
    docopt (0.5.0)
    ffi (1.9.10)
    haml (4.0.6)
      tilt
    kgio (2.9.3)
    multi_json (1.11.2)
    newrelic_rpm (3.12.1.298)
    pwqgen.rb (0.0.5)
      docopt (~> 0.5.0)
    rack (1.6.4)
    rack-protection (1.5.3)
      rack
    rack-ssl-enforcer (0.2.8)
    rack-test (0.6.3)
      rack (>= 1.0)
    rack-timeout (0.2.4)
    rainbows (4.6.2)
      kgio (~> 2.5)
      rack (~> 1.1)
      unicorn (~> 4.8)
    raindrops (0.14.0)
    rdiscount (2.1.8)
    sinatra (1.4.6)
      rack (~> 1.4)
      rack-protection (~> 1.4)
      tilt (>= 1.3, < 3)
    sinatra-contrib (1.4.6)
      backports (>= 2.0)
      multi_json
      rack-protection
      rack-test
      sinatra (~> 1.4.0)
      tilt (>= 1.3, < 3)
    sprockets (3.2.0)
      rack (~> 1.0)
    sys-uname (0.9.2)
      ffi (>= 1.0.0)
    tilt (2.0.1)
    unicorn (4.9.0)
      kgio (~> 2.6)
      rack
      raindrops (~> 0.7)

PLATFORMS
  ruby

DEPENDENCIES
  haml
  newrelic_rpm
  pwqgen.rb (~> 0.0.4)
  rack
  rack-ssl-enforcer
  rack-timeout
  rainbows
  rdiscount
  sinatra (~> 1.4.0)
  sinatra-contrib
  sprockets (~> 3.0)
  sys-uname

BUNDLED WITH
   1.10.5
