GEM
  remote: https://rubygems.org/
  specs:
    backports (3.15.0)
    concurrent-ruby (1.1.5)
    docopt (0.6.1)
    execjs (2.7.0)
    ffi (1.9.25)
    haml (5.0.4)
      temple (>= 0.8.0)
      tilt
    iodine (0.7.9)
      rack (>= 1.0, < 3.0)
    multi_json (1.13.1)
    mustermann (1.0.3)
    newrelic_rpm (5.5.0.348)
    pwqgen.rb (0.1.0)
      docopt (~> 0.5)
      sysrandom
    rack (2.0.6)
    rack-protection (2.0.5)
      rack
    rack-ssl-enforcer (0.2.9)
    rack-timeout (0.5.1)
    rdiscount (2.2.0.1)
    sinatra (2.0.5)
      mustermann (~> 1.0)
      rack (~> 2.0)
      rack-protection (= 2.0.5)
      tilt (~> 2.0)
    sinatra-contrib (2.0.5)
      backports (>= 2.8.2)
      multi_json
      mustermann (~> 1.0)
      rack-protection (= 2.0.5)
      sinatra (= 2.0.5)
      tilt (>= 1.3, < 3)
    sprockets (3.7.2)
      concurrent-ruby (~> 1.0)
      rack (> 1, < 3)
    sys-uname (1.0.4)
      ffi (>= 1.0.0)
    sysrandom (1.0.5)
    temple (0.8.0)
    tilt (2.0.9)
    uglifier (4.1.20)
      execjs (>= 0.3.0, < 3)

PLATFORMS
  ruby

DEPENDENCIES
  haml
  iodine (~> 0.6)
  newrelic_rpm
  pwqgen.rb (~> 0.1)
  rack
  rack-ssl-enforcer
  rack-timeout
  rdiscount
  sinatra (~> 2.0)
  sinatra-contrib
  sprockets
  sys-uname
  uglifier

RUBY VERSION
   ruby 2.5.3p105

BUNDLED WITH
   1.16.2
