GIT
  remote: git://github.com/sinatra/sinatra.git
  revision: 9984d0d2b3f1ea12273c6c25f8e102b2329f33e9
  specs:
    sinatra (1.4.0)
      rack (~> 1.4)
      rack-protection (~> 1.3)
      tilt (~> 1.3, >= 1.3.3)

GEM
  remote: http://rubygems.org/
  specs:
    daemons (1.1.9)
    docopt (0.5.0)
    eventmachine (1.0.0)
    ffi (1.3.1)
    foreman (0.61.0)
      thor (>= 0.13.6)
    haml (3.1.7)
    newrelic_rpm (3.5.5.38)
    pwqgen.rb (0.0.4)
      docopt (~> 0.5.0)
    rack (1.4.4)
    rack-protection (1.3.2)
      rack
    rack-ssl-enforcer (0.2.5)
    rdiscount (1.6.8)
    sys-uname (0.9.1)
      ffi (>= 1.0.0)
    thin (1.5.0)
      daemons (>= 1.0.9)
      eventmachine (>= 0.12.6)
      rack (>= 1.0.0)
    thor (0.16.0)
    tilt (1.3.3)

PLATFORMS
  ruby

DEPENDENCIES
  foreman
  haml
  newrelic_rpm
  pwqgen.rb (~> 0.0.4)
  rack
  rack-ssl-enforcer
  rdiscount
  sinatra!
  sys-uname
  thin
