GIT
  remote: git://github.com/sinatra/sinatra.git
  revision: 38f71248f839b95f6d17747a2c177bdd83f95f78
  specs:
    sinatra (1.4.0)
      rack (~> 1.3, >= 1.3.6)
      rack-protection (~> 1.2)
      tilt (~> 1.3, >= 1.3.3)

GEM
  remote: http://rubygems.org/
  specs:
    daemons (1.1.9)
    docopt (0.5.0)
    eventmachine (1.0.0)
    ffi (1.1.5)
    foreman (0.60.2)
      thor (>= 0.13.6)
    haml (3.1.7)
    newrelic_rpm (3.5.0.1)
    pwqgen.rb (0.0.4)
      docopt (~> 0.5.0)
    rack (1.4.1)
    rack-protection (1.2.0)
      rack
    rack-ssl-enforcer (0.2.4)
    rdiscount (1.6.8)
    sys-uname (0.9.0)
      ffi (>= 1.0.0)
    thin (1.5.0)
      daemons (>= 1.0.9)
      eventmachine (>= 0.12.6)
      rack (>= 1.0.0)
    thor (0.16.0)
    tilt (1.3.3)

PLATFORMS
  ruby

DEPENDENCIES
  foreman
  haml
  newrelic_rpm
  pwqgen.rb (~> 0.0.4)
  rack
  rack-ssl-enforcer
  rdiscount
  sinatra!
  sys-uname
  thin
