GEM
  remote: https://rubygems.org/
  specs:
    backports (3.15.0)
    concurrent-ruby (1.1.5)
    docopt (0.6.1)
    execjs (2.7.0)
    ffi (1.12.2)
    haml (5.1.2)
      temple (>= 0.8.0)
      tilt
    iodine (0.7.38)
    multi_json (1.14.1)
    mustermann (1.1.0)
      ruby2_keywords (~> 0.0.1)
    newrelic_rpm (6.9.0.363)
    pwqgen.rb (0.1.0)
      docopt (~> 0.5)
      sysrandom
    rack (2.2.2)
    rack-protection (2.0.8.1)
      rack
    rack-ssl-enforcer (0.2.9)
    rack-timeout (0.6.0)
    rdiscount (2.2.0.1)
    ruby2_keywords (0.0.1)
    sinatra (2.0.8.1)
      mustermann (~> 1.0)
      rack (~> 2.0)
      rack-protection (= 2.0.8.1)
      tilt (~> 2.0)
    sinatra-contrib (2.0.8.1)
      backports (>= 2.8.2)
      multi_json
      mustermann (~> 1.0)
      rack-protection (= 2.0.8.1)
      sinatra (= 2.0.8.1)
      tilt (~> 2.0)
    sprockets (4.0.0)
      concurrent-ruby (~> 1.0)
      rack (> 1, < 3)
    sys-uname (1.2.1)
      ffi (>= 1.0.0)
    sysrandom (1.0.5)
    temple (0.8.1)
    tilt (2.0.10)
    uglifier (4.2.0)
      execjs (>= 0.3.0, < 3)

PLATFORMS
  ruby

DEPENDENCIES
  haml
  iodine (~> 0.7)
  newrelic_rpm
  pwqgen.rb (~> 0.1)
  rack
  rack-ssl-enforcer
  rack-timeout
  rdiscount
  sinatra (~> 2.0)
  sinatra-contrib
  sprockets
  sys-uname
  uglifier

RUBY VERSION
   ruby 2.5.3p105

BUNDLED WITH
   1.17.3
