GEM
  remote: https://rubygems.org/
  specs:
    addressable (2.8.5)
      public_suffix (>= 2.0.2, < 6.0)
    builder (3.2.4)
    capybara (3.39.2)
      addressable
      matrix
      mini_mime (>= 0.1.3)
      nokogiri (~> 1.8)
      rack (>= 1.6.0)
      rack-test (>= 0.6.3)
      regexp_parser (>= 1.5, < 3.0)
      xpath (~> 3.2)
    concurrent-ruby (1.2.2)
    cucumber (9.0.2)
      builder (~> 3.2, >= 3.2.4)
      cucumber-ci-environment (~> 9.2, >= 9.2.0)
      cucumber-core (~> 11.1, >= 11.1.0)
      cucumber-cucumber-expressions (~> 16.1, >= 16.1.2)
      cucumber-gherkin (>= 24, < 26.2.1)
      cucumber-html-formatter (~> 20.4, >= 20.4.0)
      cucumber-messages (>= 19, < 23)
      diff-lcs (~> 1.5, >= 1.5.0)
      mini_mime (~> 1.1, >= 1.1.5)
      multi_test (~> 1.1, >= 1.1.0)
      sys-uname (~> 1.2, >= 1.2.3)
    cucumber-ci-environment (9.2.0)
    cucumber-core (11.1.0)
      cucumber-gherkin (>= 24, < 27)
      cucumber-messages (>= 19, < 22)
      cucumber-tag-expressions (~> 4.1, >= 4.1.0)
    cucumber-cucumber-expressions (16.1.2)
    cucumber-gherkin (26.2.0)
      cucumber-messages (>= 19.1.4, < 22.1)
    cucumber-html-formatter (20.4.0)
      cucumber-messages (>= 18.0, < 22.1)
    cucumber-messages (21.0.1)
    cucumber-tag-expressions (4.1.0)
    diff-lcs (1.5.0)
    docopt (0.6.1)
    execjs (2.8.1)
    ffi (1.15.5)
    haml (5.2.2)
      temple (>= 0.8.0)
      tilt
    iodine (0.7.57)
    matrix (0.4.2)
    mini_mime (1.1.5)
    mini_portile2 (2.8.4)
    multi_json (1.15.0)
    multi_test (1.1.0)
    mustermann (3.0.0)
      ruby2_keywords (~> 0.0.1)
    nio4r (2.5.9)
    nokogiri (1.15.3)
      mini_portile2 (~> 2.8.2)
      racc (~> 1.4)
    nokogiri (1.15.3-aarch64-linux)
      racc (~> 1.4)
    nokogiri (1.15.3-arm64-darwin)
      racc (~> 1.4)
    nokogiri (1.15.3-x86_64-darwin)
      racc (~> 1.4)
    nokogiri (1.15.3-x86_64-linux)
      racc (~> 1.4)
    public_suffix (5.0.3)
    puma (6.4.0)
      nio4r (~> 2.0)
    pwqgen.rb (0.1.0)
      docopt (~> 0.5)
      sysrandom
    racc (1.7.1)
    rack (2.2.8)
    rack-protection (3.1.0)
      rack (~> 2.2, >= 2.2.4)
    rack-ssl-enforcer (0.2.9)
    rack-test (2.1.0)
      rack (>= 1.3)
    rack-timeout (0.6.3)
    rake (13.0.6)
    rdiscount (2.2.7.1)
    regexp_parser (2.8.1)
    rexml (3.2.6)
    rspec-expectations (3.12.3)
      diff-lcs (>= 1.2.0, < 2.0)
      rspec-support (~> 3.12.0)
    rspec-support (3.12.1)
    ruby2_keywords (0.0.5)
    rubyzip (2.3.2)
    selenium-webdriver (4.13.0)
      rexml (~> 3.2, >= 3.2.5)
      rubyzip (>= 1.2.2, < 3.0)
      websocket (~> 1.0)
    sinatra (3.1.0)
      mustermann (~> 3.0)
      rack (~> 2.2, >= 2.2.4)
      rack-protection (= 3.1.0)
      tilt (~> 2.0)
    sinatra-contrib (3.1.0)
      multi_json
      mustermann (~> 3.0)
      rack-protection (= 3.1.0)
      sinatra (= 3.1.0)
      tilt (~> 2.0)
    sprockets (4.2.1)
      concurrent-ruby (~> 1.0)
      rack (>= 2.2.4, < 4)
    sys-uname (1.2.3)
      ffi (~> 1.1)
    sysrandom (1.0.5)
    temple (0.10.2)
    tilt (2.2.0)
    uglifier (4.2.0)
      execjs (>= 0.3.0, < 3)
    websocket (1.2.10)
    xpath (3.2.0)
      nokogiri (~> 1.8)

PLATFORMS
  aarch64-linux
  arm64-darwin
  ruby
  x86_64-darwin
  x86_64-linux

DEPENDENCIES
  capybara
  cucumber
  haml (~> 5.2)
  iodine (~> 0.7)
  puma
  pwqgen.rb (~> 0.1)
  rack
  rack-ssl-enforcer
  rack-timeout
  rake
  rdiscount
  rspec-expectations
  selenium-webdriver
  sinatra (~> 3.1)
  sinatra-contrib
  sprockets
  sys-uname
  uglifier

RUBY VERSION
   ruby 3.2.2p53

BUNDLED WITH
   2.4.18
