GEM
  remote: https://rubygems.org/
  specs:
    addressable (2.8.6)
      public_suffix (>= 2.0.2, < 6.0)
    base64 (0.2.0)
    bigdecimal (3.1.8)
    builder (3.2.4)
    capybara (3.40.0)
      addressable
      matrix
      mini_mime (>= 0.1.3)
      nokogiri (~> 1.11)
      rack (>= 1.6.0)
      rack-test (>= 0.6.3)
      regexp_parser (>= 1.5, < 3.0)
      xpath (~> 3.2)
    concurrent-ruby (1.3.5)
    cucumber (9.2.0)
      builder (~> 3.2)
      cucumber-ci-environment (> 9, < 11)
      cucumber-core (> 13, < 14)
      cucumber-cucumber-expressions (~> 17.0)
      cucumber-gherkin (> 24, < 28)
      cucumber-html-formatter (> 20.3, < 22)
      cucumber-messages (> 19, < 25)
      diff-lcs (~> 1.5)
      mini_mime (~> 1.1)
      multi_test (~> 1.1)
      sys-uname (~> 1.2)
    cucumber-ci-environment (10.0.1)
    cucumber-core (13.0.2)
      cucumber-gherkin (>= 27, < 28)
      cucumber-messages (>= 20, < 23)
      cucumber-tag-expressions (> 5, < 7)
    cucumber-cucumber-expressions (17.1.0)
      bigdecimal
    cucumber-gherkin (27.0.0)
      cucumber-messages (>= 19.1.4, < 23)
    cucumber-html-formatter (21.3.1)
      cucumber-messages (> 19, < 25)
    cucumber-messages (22.0.0)
    cucumber-tag-expressions (6.1.0)
    diff-lcs (1.5.1)
    docopt (0.6.1)
    execjs (2.9.1)
    ffi (1.17.0)
    ffi (1.17.0-aarch64-linux-gnu)
    ffi (1.17.0-arm64-darwin)
    ffi (1.17.0-x86_64-darwin)
    ffi (1.17.0-x86_64-linux-gnu)
    haml (5.2.2)
      temple (>= 0.8.0)
      tilt
    iodine (0.7.58)
    logger (1.6.0)
    matrix (0.4.2)
    mini_mime (1.1.5)
    mini_portile2 (2.8.9)
    multi_json (1.15.0)
    multi_test (1.1.0)
    mustermann (3.0.0)
      ruby2_keywords (~> 0.0.1)
    nio4r (2.7.3)
    nokogiri (1.18.9)
      mini_portile2 (~> 2.8.2)
      racc (~> 1.4)
    nokogiri (1.18.9-aarch64-linux-gnu)
      racc (~> 1.4)
    nokogiri (1.18.9-arm64-darwin)
      racc (~> 1.4)
    nokogiri (1.18.9-x86_64-darwin)
      racc (~> 1.4)
    nokogiri (1.18.9-x86_64-linux-gnu)
      racc (~> 1.4)
    public_suffix (5.0.5)
    puma (6.4.2)
      nio4r (~> 2.0)
    pwqgen.rb (0.1.0)
      docopt (~> 0.5)
      sysrandom
    racc (1.8.1)
    rack (3.1.16)
    rack-protection (4.0.0)
      base64 (>= 0.1.0)
      rack (>= 3.0.0, < 4)
    rack-session (2.1.1)
      base64 (>= 0.1.0)
      rack (>= 3.0.0)
    rack-ssl-enforcer (0.2.9)
    rack-test (2.1.0)
      rack (>= 1.3)
    rack-timeout (0.7.0)
    rackup (2.1.0)
      rack (>= 3)
      webrick (~> 1.8)
    rake (13.2.1)
    rdiscount (2.2.7.3)
    regexp_parser (2.9.2)
    rexml (3.4.2)
    rspec-expectations (3.13.1)
      diff-lcs (>= 1.2.0, < 2.0)
      rspec-support (~> 3.13.0)
    rspec-support (3.13.1)
    ruby2_keywords (0.0.5)
    rubyzip (2.3.2)
    selenium-webdriver (4.22.0)
      base64 (~> 0.2)
      logger (~> 1.4)
      rexml (~> 3.2, >= 3.2.5)
      rubyzip (>= 1.2.2, < 3.0)
      websocket (~> 1.0)
    sinatra (4.0.0)
      mustermann (~> 3.0)
      rack (>= 3.0.0, < 4)
      rack-protection (= 4.0.0)
      rack-session (>= 2.0.0, < 3)
      tilt (~> 2.0)
    sinatra-contrib (4.0.0)
      multi_json (>= 0.0.2)
      mustermann (~> 3.0)
      rack-protection (= 4.0.0)
      sinatra (= 4.0.0)
      tilt (~> 2.0)
    sprockets (4.2.2)
      concurrent-ruby (~> 1.0)
      logger
      rack (>= 2.2.4, < 4)
    sys-uname (1.3.0)
      ffi (~> 1.1)
    sysrandom (1.0.5)
    temple (0.10.3)
    tilt (2.3.0)
    uglifier (4.2.0)
      execjs (>= 0.3.0, < 3)
    webrick (1.8.2)
    websocket (1.2.10)
    xpath (3.2.0)
      nokogiri (~> 1.8)

PLATFORMS
  aarch64-linux
  arm64-darwin
  ruby
  x86_64-darwin
  x86_64-linux

DEPENDENCIES
  capybara
  cucumber
  haml (~> 5.2)
  iodine (~> 0.7)
  puma
  pwqgen.rb (~> 0.1)
  rack
  rack-session
  rack-ssl-enforcer
  rack-timeout
  rackup
  rake
  rdiscount
  rspec-expectations
  selenium-webdriver
  sinatra (~> 4.0)
  sinatra-contrib
  sprockets
  sys-uname
  uglifier

RUBY VERSION
   ruby 3.2.2p53

BUNDLED WITH
   2.5.10
