GEM
  remote: https://rubygems.org/
  specs:
    daemons (1.1.9)
    docopt (0.5.0)
    dotenv (0.7.0)
    eventmachine (1.0.3)
    ffi (1.7.0)
    foreman (0.63.0)
      dotenv (>= 0.7)
      thor (>= 0.13.6)
    haml (4.0.2)
      tilt
    newrelic_rpm (3.6.0.83)
    pwqgen.rb (0.0.4)
      docopt (~> 0.5.0)
    rack (1.5.2)
    rack-protection (1.5.0)
      rack
    rack-ssl-enforcer (0.2.5)
    rdiscount (2.0.7.2)
    sinatra (1.4.2)
      rack (~> 1.5, >= 1.5.2)
      rack-protection (~> 1.4)
      tilt (~> 1.3, >= 1.3.4)
    sys-uname (0.9.1)
      ffi (>= 1.0.0)
    thin (1.5.1)
      daemons (>= 1.0.9)
      eventmachine (>= 0.12.6)
      rack (>= 1.0.0)
    thor (0.18.1)
    tilt (1.3.7)

PLATFORMS
  ruby

DEPENDENCIES
  foreman
  haml
  newrelic_rpm
  pwqgen.rb (~> 0.0.4)
  rack
  rack-ssl-enforcer
  rdiscount
  sinatra (~> 1.4.0)
  sys-uname
  thin
