GEM
  remote: https://rubygems.org/
  specs:
    backports (3.8.0)
    concurrent-ruby (1.0.5)
    docopt (0.6.0)
    execjs (2.7.0)
    ffi (1.9.18)
    haml (5.0.2)
      temple (>= 0.8.0)
      tilt
    kgio (2.11.0)
    multi_json (1.12.1)
    mustermann (1.0.0)
    newrelic_rpm (4.3.0.335)
    pwqgen.rb (0.1.0)
      docopt (~> 0.5)
      sysrandom
    rack (2.0.3)
    rack-protection (2.0.0)
      rack
    rack-ssl-enforcer (0.2.9)
    rack-timeout (0.4.2)
    raindrops (0.19.0)
    rdiscount (2.2.0.1)
    sinatra (2.0.0)
      mustermann (~> 1.0)
      rack (~> 2.0)
      rack-protection (= 2.0.0)
      tilt (~> 2.0)
    sinatra-contrib (2.0.0)
      backports (>= 2.0)
      multi_json
      mustermann (~> 1.0)
      rack-protection (= 2.0.0)
      sinatra (= 2.0.0)
      tilt (>= 1.3, < 3)
    sleepy_penguin (3.5.0)
    sprockets (3.7.1)
      concurrent-ruby (~> 1.0)
      rack (> 1, < 3)
    sys-uname (1.0.3)
      ffi (>= 1.0.0)
    sysrandom (1.0.5)
    temple (0.8.0)
    tilt (2.0.8)
    uglifier (3.2.0)
      execjs (>= 0.3.0, < 3)
    unicorn (5.3.0)
      kgio (~> 2.6)
      raindrops (~> 0.7)
    yahns (1.15.0)
      kgio (~> 2.9)
      sleepy_penguin (~> 3.2)
      unicorn (>= 4.6.3, < 6.0)

PLATFORMS
  ruby

DEPENDENCIES
  haml
  newrelic_rpm
  pwqgen.rb (~> 0.1)
  rack
  rack-ssl-enforcer
  rack-timeout
  rdiscount
  sinatra (~> 2.0)
  sinatra-contrib
  sprockets
  sys-uname
  uglifier
  yahns

RUBY VERSION
   ruby 2.4.1p111

BUNDLED WITH
   1.14.6
