GEM
  remote: https://rubygems.org/
  specs:
    docopt (0.5.0)
    ffi (1.9.3)
    haml (4.0.5)
      tilt
    kgio (2.8.1)
    newrelic_rpm (3.7.1.188)
    pwqgen.rb (0.0.5)
      docopt (~> 0.5.0)
    rack (1.5.2)
    rack-protection (1.5.2)
      rack
    rack-ssl-enforcer (0.2.6)
    rack-timeout (0.0.4)
    rainbows (4.6.0)
      kgio (~> 2.5)
      rack (~> 1.1)
      unicorn (~> 4.8)
    raindrops (0.12.0)
    rdiscount (2.1.7)
    sinatra (1.4.4)
      rack (~> 1.4)
      rack-protection (~> 1.4)
      tilt (~> 1.3, >= 1.3.4)
    sys-uname (0.9.2)
      ffi (>= 1.0.0)
    tilt (1.4.1)
    unicorn (4.8.1)
      kgio (~> 2.6)
      rack
      raindrops (~> 0.7)

PLATFORMS
  ruby

DEPENDENCIES
  haml
  newrelic_rpm
  pwqgen.rb (~> 0.0.4)
  rack
  rack-ssl-enforcer
  rack-timeout
  rainbows
  rdiscount
  sinatra (~> 1.4.0)
  sys-uname
