GIT
  remote: git://github.com/sinatra/sinatra.git
  revision: 4f5a2fda1f78ae4c7696a39f3216edc26ea7b77c
  specs:
    sinatra (1.4.0)
      rack (~> 1.3, >= 1.3.6)
      rack-protection (~> 1.2)
      tilt (~> 1.3, >= 1.3.3)

GEM
  remote: http://rubygems.org/
  specs:
    daemons (1.1.8)
    docopt (0.0.4)
    eventmachine (0.12.10)
    foreman (0.47.0)
      thor (>= 0.13.6)
    haml (3.1.6)
    newrelic_rpm (3.4.0.1)
    pwqgen.rb (0.0.2.pre.1)
      docopt (~> 0.0.4)
    rack (1.4.1)
    rack-protection (1.2.0)
      rack
    rack-ssl-enforcer (0.2.4)
    rdiscount (1.6.8)
    thin (1.3.1)
      daemons (>= 1.0.9)
      eventmachine (>= 0.12.6)
      rack (>= 1.0.0)
    thor (0.15.2)
    tilt (1.3.3)

PLATFORMS
  ruby

DEPENDENCIES
  foreman
  haml
  newrelic_rpm
  pwqgen.rb (~> 0.0.2.pre.1)
  rack
  rack-ssl-enforcer
  rdiscount
  sinatra!
  thin
