GEM
  remote: https://rubygems.org/
  specs:
    concurrent-ruby (1.1.7)
    docopt (0.6.1)
    execjs (2.7.0)
    ffi (1.13.1)
    haml (5.1.2)
      temple (>= 0.8.0)
      tilt
    iodine (0.7.42)
    multi_json (1.15.0)
    mustermann (1.1.1)
      ruby2_keywords (~> 0.0.1)
    newrelic_rpm (6.12.0.367)
    pwqgen.rb (0.1.0)
      docopt (~> 0.5)
      sysrandom
    rack (2.2.3)
    rack-protection (2.1.0)
      rack
    rack-ssl-enforcer (0.2.9)
    rack-timeout (0.6.0)
    rdiscount (2.2.0.2)
    ruby2_keywords (0.0.2)
    sinatra (2.1.0)
      mustermann (~> 1.0)
      rack (~> 2.2)
      rack-protection (= 2.1.0)
      tilt (~> 2.0)
    sinatra-contrib (2.1.0)
      multi_json
      mustermann (~> 1.0)
      rack-protection (= 2.1.0)
      sinatra (= 2.1.0)
      tilt (~> 2.0)
    sprockets (4.0.2)
      concurrent-ruby (~> 1.0)
      rack (> 1, < 3)
    sys-uname (1.2.1)
      ffi (>= 1.0.0)
    sysrandom (1.0.5)
    temple (0.8.2)
    tilt (2.0.10)
    uglifier (4.2.0)
      execjs (>= 0.3.0, < 3)

PLATFORMS
  ruby

DEPENDENCIES
  haml
  iodine (~> 0.7)
  newrelic_rpm
  pwqgen.rb (~> 0.1)
  rack
  rack-ssl-enforcer
  rack-timeout
  rdiscount
  sinatra (~> 2.1)
  sinatra-contrib
  sprockets
  sys-uname
  uglifier

RUBY VERSION
   ruby 2.6.5p114

BUNDLED WITH
   2.1.4
