GEM
  remote: https://rubygems.org/
  specs:
    activesupport (5.2.0)
      concurrent-ruby (~> 1.0, >= 1.0.2)
      i18n (>= 0.7, < 2)
      minitest (~> 5.1)
      tzinfo (~> 1.1)
    backports (3.11.3)
    concurrent-ruby (1.0.5)
    docopt (0.6.1)
    execjs (2.7.0)
    ffi (1.9.25)
    haml (5.0.4)
      temple (>= 0.8.0)
      tilt
    i18n (1.0.1)
      concurrent-ruby (~> 1.0)
    kgio (2.11.2)
    minitest (5.11.3)
    multi_json (1.13.1)
    mustermann (1.0.2)
    newrelic_rpm (5.2.0.345)
    pwqgen.rb (0.1.0)
      docopt (~> 0.5)
      sysrandom
    rack (2.0.5)
    rack-protection (2.0.3)
      rack
    rack-ssl-enforcer (0.2.9)
    rack-timeout (0.5.1)
    raindrops (0.19.0)
    rdiscount (2.2.0.1)
    sinatra (2.0.3)
      mustermann (~> 1.0)
      rack (~> 2.0)
      rack-protection (= 2.0.3)
      tilt (~> 2.0)
    sinatra-contrib (2.0.3)
      activesupport (>= 4.0.0)
      backports (>= 2.8.2)
      multi_json
      mustermann (~> 1.0)
      rack-protection (= 2.0.3)
      sinatra (= 2.0.3)
      tilt (>= 1.3, < 3)
    sleepy_penguin (3.5.0)
    sprockets (3.7.2)
      concurrent-ruby (~> 1.0)
      rack (> 1, < 3)
    sys-uname (1.0.3)
      ffi (>= 1.0.0)
    sysrandom (1.0.5)
    temple (0.8.0)
    thread_safe (0.3.6)
    tilt (2.0.8)
    tzinfo (1.2.5)
      thread_safe (~> 0.1)
    uglifier (4.1.12)
      execjs (>= 0.3.0, < 3)
    unicorn (5.4.0)
      kgio (~> 2.6)
      raindrops (~> 0.7)
    yahns (1.15.0)
      kgio (~> 2.9)
      sleepy_penguin (~> 3.2)
      unicorn (>= 4.6.3, < 6.0)

PLATFORMS
  ruby

DEPENDENCIES
  haml
  newrelic_rpm
  pwqgen.rb (~> 0.1)
  rack
  rack-ssl-enforcer
  rack-timeout
  rdiscount
  sinatra (~> 2.0)
  sinatra-contrib
  sprockets
  sys-uname
  uglifier
  yahns

RUBY VERSION
   ruby 2.4.4p296

BUNDLED WITH
   1.16.1
