GEM
  remote: https://rubygems.org/
  specs:
    backports (3.6.8)
    concurrent-ruby (1.0.4)
    docopt (0.5.0)
    execjs (2.7.0)
    ffi (1.9.17)
    haml (4.0.7)
      tilt
    kgio (2.11.0)
    multi_json (1.12.1)
    newrelic_rpm (3.18.1.330)
    pwqgen.rb (0.1.0)
      docopt (~> 0.5)
      sysrandom
    rack (1.6.5)
    rack-protection (1.5.3)
      rack
    rack-ssl-enforcer (0.2.9)
    rack-test (0.6.3)
      rack (>= 1.0)
    rack-timeout (0.4.2)
    raindrops (0.17.0)
    rdiscount (2.2.0.1)
    sinatra (1.4.8)
      rack (~> 1.5)
      rack-protection (~> 1.4)
      tilt (>= 1.3, < 3)
    sinatra-contrib (1.4.7)
      backports (>= 2.0)
      multi_json
      rack-protection
      rack-test
      sinatra (~> 1.4.0)
      tilt (>= 1.3, < 3)
    sleepy_penguin (3.4.1)
    sprockets (3.7.1)
      concurrent-ruby (~> 1.0)
      rack (> 1, < 3)
    sys-uname (1.0.3)
      ffi (>= 1.0.0)
    sysrandom (1.0.4)
    tilt (2.0.6)
    uglifier (3.0.4)
      execjs (>= 0.3.0, < 3)
    unicorn (5.2.0)
      kgio (~> 2.6)
      raindrops (~> 0.7)
    yahns (1.14.1)
      kgio (~> 2.9)
      sleepy_penguin (~> 3.2)
      unicorn (>= 4.6.3, < 6.0)

PLATFORMS
  ruby

DEPENDENCIES
  haml
  newrelic_rpm
  pwqgen.rb (~> 0.1)
  rack
  rack-ssl-enforcer
  rack-timeout
  rdiscount
  sinatra (~> 1.4.0)
  sinatra-contrib
  sprockets (~> 3.0)
  sys-uname
  uglifier
  yahns

RUBY VERSION
   ruby 2.3.3p222

BUNDLED WITH
   1.14.4
